GIT
  remote: git://github.com/Programatica/irwi.git
  revision: 323b3c89d74c2b0aec41b7b7a0c32fe1f569c9f2
  specs:
    irwi (0.4.2)
      actionpack (>= 3.0.0)
      activerecord (>= 3.0.0)
      activesupport (>= 3.0.0)
      diff-lcs (>= 1.1.2)
      rails_autolink (>= 1.0)

GIT
  remote: git://github.com/activeadmin/activeadmin.git
  revision: 0b4b22871fd332c94daec3c5138c0cf9a5b95451
  specs:
    activeadmin (1.0.0.pre1)
      arbre (~> 1.0, >= 1.0.2)
      bourbon
      coffee-rails
      formtastic (~> 3.1)
      formtastic_i18n
      inherited_resources (~> 1.6)
      jquery-rails
      jquery-ui-rails (~> 5.0)
      kaminari (~> 0.15)
      rails (>= 3.2, < 5.0)
      ransack (~> 1.3)
      sass-rails

GIT
  remote: git://github.com/carrierwaveuploader/carrierwave.git
  revision: de2a9550dadf5d71563e933d583ba8c3ad6bb101
  specs:
    carrierwave (0.10.0)
      activemodel (>= 3.2.0)
      activesupport (>= 3.2.0)
      json (>= 1.7)
      mime-types (>= 1.16)

GIT
  remote: git://github.com/zhulik/simple_presenter.git
  revision: 0d6f3bd164d3cdc8b2766ee6cd74e8154ab400d3
  specs:
    simple_presenter (0.2.3)

PATH
  remote: /home/kinnarts/rails_projects/racoonsgroup/suggestion_box
  specs:
    suggestion_box (0.0.3)
      acts_as_commentable
      acts_as_votable (~> 0.10.0)
      devise
      jquery-rails
      rails (~> 4.2.0)
      simple_form
      slim-rails

GEM
  remote: http://rubygems.org/
  specs:
    RedCloth (4.2.9)
    actionmailer (4.2.0)
      actionpack (= 4.2.0)
      actionview (= 4.2.0)
      activejob (= 4.2.0)
      mail (~> 2.5, >= 2.5.4)
      rails-dom-testing (~> 1.0, >= 1.0.5)
    actionpack (4.2.0)
      actionview (= 4.2.0)
      activesupport (= 4.2.0)
      rack (~> 1.6.0)
      rack-test (~> 0.6.2)
      rails-dom-testing (~> 1.0, >= 1.0.5)
      rails-html-sanitizer (~> 1.0, >= 1.0.1)
    actionview (4.2.0)
      activesupport (= 4.2.0)
      builder (~> 3.1)
      erubis (~> 2.7.0)
      rails-dom-testing (~> 1.0, >= 1.0.5)
      rails-html-sanitizer (~> 1.0, >= 1.0.1)
    activejob (4.2.0)
      activesupport (= 4.2.0)
      globalid (>= 0.3.0)
    activemodel (4.2.0)
      activesupport (= 4.2.0)
      builder (~> 3.1)
    activerecord (4.2.0)
      activemodel (= 4.2.0)
      activesupport (= 4.2.0)
      arel (~> 6.0)
    activesupport (4.2.0)
      i18n (~> 0.7)
      json (~> 1.7, >= 1.7.7)
      minitest (~> 5.1)
      thread_safe (~> 0.3, >= 0.3.4)
      tzinfo (~> 1.1)
    acts-as-taggable-on (3.5.0)
      activerecord (>= 3.2, < 5)
    acts_as_commentable (4.0.2)
    acts_as_votable (0.10.0)
    addressable (2.3.8)
    airbrake (4.3.3)
      builder
      multi_json
    angularjs-rails (1.3.8)
    arbre (1.0.3)
      activesupport (>= 3.0.0)
    arel (6.0.0)
    autoparse (0.3.3)
      addressable (>= 2.3.1)
      extlib (>= 0.9.15)
      multi_json (>= 1.0.0)
    autoprefixer-rails (5.2.0)
      execjs
      json
    awesome_nested_set (3.0.2)
      activerecord (>= 4.0.0, < 5)
    awesome_print (1.6.1)
    axiom-types (0.1.1)
      descendants_tracker (~> 0.0.4)
      ice_nine (~> 0.11.0)
      thread_safe (~> 0.3, >= 0.3.1)
    axlsx (2.0.1)
      htmlentities (~> 4.3.1)
      nokogiri (>= 1.4.1)
      rubyzip (~> 1.0.0)
    axlsx_rails (0.3.0)
      axlsx (>= 2.0.1)
      rails (>= 3.1)
    bcrypt (3.1.10)
    best_in_place (3.0.3)
      actionpack (>= 3.2)
      railties (>= 3.2)
    better_errors (2.1.1)
      coderay (>= 1.0.0)
      erubis (>= 2.6.6)
      rack (>= 0.9.0)
    binding_of_caller (0.7.2)
      debug_inspector (>= 0.0.1)
    bootstrap-datepicker-rails (1.4.0)
      railties (>= 3.0)
    bootstrap-sass (3.3.4.1)
      autoprefixer-rails (>= 5.0.0.1)
      sass (>= 3.2.19)
    bootstrap-sass-extras (0.0.6)
      rails (>= 3.1.0)
    bourbon (3.2.4)
      sass (~> 3.2)
      thor
    builder (3.2.2)
    byebug (4.0.5)
      columnize (= 0.9.0)
    cancancan (1.10.1)
    chart-js-rails (0.0.9)
      railties (> 3.1)
    chronic (0.10.2)
    coderay (1.1.0)
    coercible (1.0.0)
      descendants_tracker (~> 0.0.1)
    coffee-rails (4.0.1)
      coffee-script (>= 2.2.0)
      railties (>= 4.0.0, < 5.0)
    coffee-script (2.3.0)
      coffee-script-source
      execjs
    coffee-script-source (1.8.0)
    columnize (0.9.0)
    crack (0.4.2)
      safe_yaml (~> 1.0.0)
    daemons (1.2.2)
    database_cleaner (1.4.1)
    debug_inspector (0.0.2)
    descendants_tracker (0.0.4)
      thread_safe (~> 0.3, >= 0.3.1)
    devise (3.5.1)
      bcrypt (~> 3.0)
      orm_adapter (~> 0.1)
      railties (>= 3.2.6, < 5)
      responders
      thread_safe (~> 0.1)
      warden (~> 1.2.3)
    did_you_mean (0.9.10)
      interception
    diff-lcs (1.2.5)
    docile (1.1.5)
    encrypted_strings (0.3.3)
    enum_help (0.0.14)
    equalizer (0.0.11)
    erubis (2.7.0)
    eventmachine (1.0.7)
    excon (0.45.3)
    execjs (2.5.2)
    extlib (0.9.16)
    factory_girl (4.5.0)
      activesupport (>= 3.0.0)
    faker (1.4.3)
      i18n (~> 0.5)
    faraday (0.9.1)
      multipart-post (>= 1.2, < 3)
    faraday_middleware (0.9.1)
      faraday (>= 0.7.4, < 0.10)
    figaro (1.1.1)
      thor (~> 0.14)
    formtastic (3.1.3)
      actionpack (>= 3.2.13)
    formtastic_i18n (0.4.1)
    globalid (0.3.5)
      activesupport (>= 4.1.0)
    gon (5.2.3)
      actionpack (>= 2.3.0)
      json
      multi_json
      request_store (>= 1.0.5)
    google-api-client (0.8.6)
      activesupport (>= 3.2)
      addressable (~> 2.3)
      autoparse (~> 0.3)
      extlib (~> 0.9)
      faraday (~> 0.9)
      googleauth (~> 0.3)
      launchy (~> 2.4)
      multi_json (~> 1.10)
      retriable (~> 1.4)
      signet (~> 0.6)
    google_drive (1.0.1)
      google-api-client (>= 0.7.0)
      nokogiri (>= 1.4.4, != 1.5.2, != 1.5.1)
      oauth (>= 0.3.6)
      oauth2 (>= 0.5.0)
    googleauth (0.4.1)
      faraday (~> 0.9)
      jwt (~> 1.4)
      logging (~> 2.0)
      memoist (~> 0.12)
      multi_json (= 1.11)
      signet (~> 0.6)
    gravatar-ultimate (2.0.0)
      activesupport (>= 2.3.14)
      rack
    has_scope (0.6.0)
      actionpack (>= 3.2, < 5)
      activesupport (>= 3.2, < 5)
    hashie (3.4.2)
    hike (1.2.3)
    htmlentities (4.3.3)
    i18n (0.7.0)
    ice_nine (0.11.1)
    inherited_resources (1.6.0)
      actionpack (>= 3.2, < 5)
      has_scope (~> 0.6.0.rc)
      railties (>= 3.2, < 5)
      responders
    interception (0.5)
    jquery-rails (4.0.3)
      rails-dom-testing (~> 1.0)
      railties (>= 4.2.0)
      thor (>= 0.14, < 2.0)
    jquery-ui-rails (5.0.5)
      railties (>= 3.2.16)
    json (1.8.3)
    jwt (1.5.0)
    kaminari (0.16.3)
      actionpack (>= 3.0.0)
      activesupport (>= 3.0.0)
    kgio (2.9.3)
    launchy (2.4.3)
      addressable (~> 2.3)
    little-plugger (1.1.3)
    logging (2.0.0)
      little-plugger (~> 1.1)
      multi_json (~> 1.10)
    loofah (2.0.2)
      nokogiri (>= 1.5.9)
    mail (2.6.3)
      mime-types (>= 1.16, < 3)
    memoist (0.12.0)
    metaclass (0.0.4)
    method_source (0.8.2)
    mime-types (2.6.1)
    mina (0.3.4)
      open4 (~> 1.3.4)
      rake
    mini_portile (0.6.2)
    minitest (5.7.0)
    mocha (1.1.0)
      metaclass (~> 0.0.1)
    momentjs-rails (2.10.3)
      railties (>= 3.1)
    money (6.5.1)
      i18n (>= 0.6.4, <= 0.7.0)
    multi_json (1.11.0)
    multi_xml (0.5.5)
    multipart-post (2.0.0)
    nested_form (0.3.2)
    ng-rails-csrf (0.1.0)
    nokogiri (1.6.6.2)
      mini_portile (~> 0.6.0)
    oauth (0.4.7)
    oauth2 (1.0.0)
      faraday (>= 0.8, < 0.10)
      jwt (~> 1.0)
      multi_json (~> 1.3)
      multi_xml (~> 0.5)
      rack (~> 1.2)
    omniauth (1.2.2)
      hashie (>= 1.2, < 4)
      rack (~> 1.0)
    omniauth-google-oauth2 (0.2.6)
      omniauth (> 1.0)
      omniauth-oauth2 (~> 1.1)
    omniauth-oauth2 (1.3.0)
      oauth2 (~> 1.0)
      omniauth (~> 1.2)
    open4 (1.3.4)
    orm_adapter (0.5.0)
    paranoia (2.1.2)
      activerecord (~> 4.0)
    pg (0.18.2)
    pinball (0.0.8)
    polyamorous (1.2.0)
      activerecord (>= 3.0)
    pry (0.10.1)
      coderay (~> 1.1.0)
      method_source (~> 0.8.1)
      slop (~> 3.4)
    pry-byebug (3.1.0)
      byebug (~> 4.0)
      pry (~> 0.10)
    pry-rails (0.3.4)
      pry (>= 0.9.10)
    quiet_assets (1.1.0)
      railties (>= 3.1, < 5.0)
    rabl (0.11.6)
      activesupport (>= 2.3.14)
    rack (1.6.1)
    rack-test (0.6.3)
      rack (>= 1.0)
    rails (4.2.0)
      actionmailer (= 4.2.0)
      actionpack (= 4.2.0)
      actionview (= 4.2.0)
      activejob (= 4.2.0)
      activemodel (= 4.2.0)
      activerecord (= 4.2.0)
      activesupport (= 4.2.0)
      bundler (>= 1.3.0, < 2.0)
      railties (= 4.2.0)
      sprockets-rails
    rails-deprecated_sanitizer (1.0.3)
      activesupport (>= 4.2.0.alpha)
    rails-dom-testing (1.0.6)
      activesupport (>= 4.2.0.beta, < 5.0)
      nokogiri (~> 1.6.0)
      rails-deprecated_sanitizer (>= 1.0.1)
    rails-html-sanitizer (1.0.2)
      loofah (~> 2.0)
    rails_autolink (1.1.6)
      rails (> 3.1)
    railties (4.2.0)
      actionpack (= 4.2.0)
      activesupport (= 4.2.0)
      rake (>= 0.8.7)
      thor (>= 0.18.1, < 2.0)
    raindrops (0.13.0)
    rake (10.4.2)
    ransack (1.6.6)
      actionpack (>= 3.0)
      activerecord (>= 3.0)
      activesupport (>= 3.0)
      i18n
      polyamorous (~> 1.2)
    redcarpet (3.3.1)
    redcloth-rails (0.2.0)
      RedCloth (>= 4.2.0)
      rails (>= 3.1.0)
    request_store (1.1.0)
    resource_manager (0.0.8)
      activesupport (>= 4.1)
    responders (2.1.0)
      railties (>= 4.2.0, < 5)
    retriable (1.4.1)
    rspec-core (3.3.0)
      rspec-support (~> 3.3.0)
    rspec-expectations (3.3.0)
      diff-lcs (>= 1.2.0, < 2.0)
      rspec-support (~> 3.3.0)
    rspec-mocks (3.3.0)
      diff-lcs (>= 1.2.0, < 2.0)
      rspec-support (~> 3.3.0)
    rspec-rails (3.3.1)
      actionpack (>= 3.0, < 4.3)
      activesupport (>= 3.0, < 4.3)
      railties (>= 3.0, < 4.3)
      rspec-core (~> 3.3.0)
      rspec-expectations (~> 3.3.0)
      rspec-mocks (~> 3.3.0)
      rspec-support (~> 3.3.0)
    rspec-support (3.3.0)
    rubyzip (1.0.0)
    safe_yaml (1.0.4)
    sass (3.2.19)
    sass-rails (4.0.5)
      railties (>= 4.0.0, < 5.0)
      sass (~> 3.2.2)
      sprockets (~> 2.8, < 3.0)
      sprockets-rails (~> 2.0)
    signet (0.6.1)
      addressable (~> 2.3)
      extlib (~> 0.9)
      faraday (~> 0.9)
      jwt (~> 1.5)
      multi_json (~> 1.10)
    simple-navigation (3.14.0)
      activesupport (>= 2.3.2)
    simple-navigation-bootstrap (1.0.2)
      railties (>= 3.1)
      simple-navigation (>= 3.7.0, < 4.0.0)
    simple_form (3.1.0)
      actionpack (~> 4.0)
      activemodel (~> 4.0)
    simplecov (0.10.0)
      docile (~> 1.1.0)
      json (~> 1.8)
      simplecov-html (~> 0.10.0)
    simplecov-html (0.10.0)
    slim (3.0.6)
      temple (~> 0.7.3)
      tilt (>= 1.3.3, < 2.1)
    slim-rails (3.0.1)
      actionmailer (>= 3.1, < 5.0)
      actionpack (>= 3.1, < 5.0)
      activesupport (>= 3.1, < 5.0)
      railties (>= 3.1, < 5.0)
      slim (~> 3.0)
    slop (3.6.0)
    spring (1.3.6)
    sprockets (2.12.3)
      hike (~> 1.2)
      multi_json (~> 1.0)
      rack (~> 1.0)
      tilt (~> 1.1, != 1.3.0)
    sprockets-rails (2.3.1)
      actionpack (>= 3.0)
      activesupport (>= 3.0)
      sprockets (>= 2.8, < 4.0)
    state_machine (1.2.0)
    temple (0.7.6)
    the_sortable_tree (2.5.0)
      rails (>= 3.1)
    thin (1.6.3)
      daemons (~> 1.0, >= 1.0.9)
      eventmachine (~> 1.0)
      rack (~> 1.0)
    thor (0.19.1)
    thread_safe (0.3.5)
    tilt (1.4.1)
    timecop (0.7.4)
    tracker_api (0.2.9)
      activemodel
      activesupport
      addressable
      excon
      faraday (~> 0.9.0)
      faraday_middleware
      virtus
    tzinfo (1.2.2)
      thread_safe (~> 0.1)
    uglifier (2.7.1)
      execjs (>= 0.3.0)
      json (>= 1.8.0)
    underscore-rails (1.8.3)
    unicorn (4.9.0)
      kgio (~> 2.6)
      rack
      raindrops (~> 0.7)
    virtus (1.0.5)
      axiom-types (~> 0.1)
      coercible (~> 1.0)
      descendants_tracker (~> 0.0, >= 0.0.3)
      equalizer (~> 0.0, >= 0.0.9)
    warden (1.2.3)
      rack (>= 1.0)
    webmock (1.21.0)
      addressable (>= 2.3.6)
      crack (>= 0.3.2)
    whenever (0.9.4)
      chronic (>= 0.6.3)
    will_paginate (3.0.7)

PLATFORMS
  ruby

DEPENDENCIES
  RedCloth
  activeadmin!
  acts-as-taggable-on
  acts_as_commentable
  airbrake
  angularjs-rails (= 1.3.8)
  awesome_nested_set
  awesome_print
  axlsx_rails
  best_in_place
  better_errors
  binding_of_caller
  bootstrap-datepicker-rails
  bootstrap-sass
  bootstrap-sass-extras
  byebug
  cancancan
  carrierwave!
  chart-js-rails
  coffee-rails (~> 4.0.0)
  coffee-script (= 2.3.0)
  coffee-script-source (= 1.8.0)
  database_cleaner
  devise
  did_you_mean
  encrypted_strings
  enum_help
  execjs
  factory_girl
  faker
  figaro
  gon
  google_drive
  gravatar-ultimate
  irwi!
  jquery-rails
  json
  mina
  mocha
  momentjs-rails
  money
  nested_form
  ng-rails-csrf
  omniauth (~> 1.2.2)
  omniauth-google-oauth2
  paranoia
  pg
  pinball
  pry-byebug
  pry-rails
  quiet_assets
  rabl
  rails (= 4.2.0)
  redcarpet
  redcloth-rails
  resource_manager
  rspec-rails
  sass-rails (~> 4.0.3)
  simple-navigation
  simple-navigation-bootstrap
  simple_form
  simple_presenter!
  simplecov
  simplecov-html
  slim-rails
  spring
  state_machine
  suggestion_box (~> 0.0.2)!
  the_sortable_tree (~> 2.5.0)
  thin
  timecop
  tracker_api (~> 0.2.0)
  uglifier (>= 1.3.0)
  underscore-rails
  unicorn
  webmock
  whenever
  will_paginate

BUNDLED WITH
   1.10.6
